GEM
  remote: https://rubygems.org/
  specs:
    httparty (0.16.3)
      mime-types (~> 3.0)
      multi_xml (>= 0.5.2)
    mime-types (3.2.2)
      mime-types-data (~> 3.2015)
    mime-types-data (3.2018.0812)
    multi_xml (0.6.0)
    mustermann (1.0.3)
    rack (2.2.3)
    rack-protection (2.0.5)
      rack
    rethinkdb (2.3.0.2)
    sinatra (2.0.5)
      mustermann (~> 1.0)
      rack (~> 2.0)
      rack-protection (= 2.0.5)
      tilt (~> 2.0)
    tilt (2.0.9)

PLATFORMS
  ruby

DEPENDENCIES
  httparty!
  rethinkdb!
  sinatra!

BUNDLED WITH
   1.16.6
